PATH
  remote: .
  specs:
    opsicle (0.0.3)
      aws-sdk (~> 1.30)
      commander
      rugged
      terminal-table

GEM
  remote: https://rubygems.org/
  specs:
    aws-sdk (1.30.1)
      json (~> 1.4)
      nokogiri (>= 1.4.4)
      uuidtools (~> 2.1)
    celluloid (0.15.2)
      timers (~> 1.1.0)
    coderay (1.1.0)
    commander (4.1.5)
      highline (~> 1.6.11)
    diff-lcs (1.2.5)
    ffi (1.9.3)
    formatador (0.2.4)
    guard (2.2.5)
      formatador (>= 0.2.4)
      listen (~> 2.1)
      lumberjack (~> 1.0)
      pry (>= 0.9.12)
      thor (>= 0.18.1)
    guard-rspec (4.2.0)
      guard (>= 2.1.1)
      rspec (>= 2.14, < 4.0)
    highline (1.6.20)
    json (1.8.1)
    listen (2.4.0)
      celluloid (>= 0.15.2)
      rb-fsevent (>= 0.9.3)
      rb-inotify (>= 0.9)
    lumberjack (1.0.4)
    method_source (0.8.2)
    mini_portile (0.5.2)
    nokogiri (1.6.1)
      mini_portile (~> 0.5.0)
    pry (0.9.12.4)
      coderay (~> 1.0)
      method_source (~> 0.8)
      slop (~> 3.4)
    rake (10.1.0)
    rb-fsevent (0.9.3)
    rb-inotify (0.9.3)
      ffi (>= 0.5.0)
    rspec (2.14.1)
      rspec-core (~> 2.14.0)
      rspec-expectations (~> 2.14.0)
      rspec-mocks (~> 2.14.0)
    rspec-core (2.14.7)
    rspec-expectations (2.14.4)
      diff-lcs (>= 1.1.3, < 2.0)
    rspec-mocks (2.14.4)
    rugged (0.19.0)
    slop (3.4.7)
    terminal-table (1.4.5)
    thor (0.18.1)
    timers (1.1.0)
    uuidtools (2.1.4)

PLATFORMS
  ruby

DEPENDENCIES
  bundler (~> 1.3)
  guard
  guard-rspec
  opsicle!
  rake
  rspec
